GEM
  remote: https://rubygems.org/
  specs:
    coderay (1.1.0)
    coreaudio (0.0.10)
      narray (~> 0.6.0.0)
    em-websocket-client (0.1.2)
      eventmachine
      websocket
    eventmachine (1.0.4)
    method_source (0.8.2)
    narray (0.6.0.9)
    pry (0.9.12.6)
      coderay (~> 1.0)
      method_source (~> 0.8)
      slop (~> 3.4)
    slop (3.6.0)
    websocket (1.2.1)

PLATFORMS
  ruby

DEPENDENCIES
  coreaudio
  em-websocket-client
  pry
